GEM
  remote: https://rubygems.org/
  specs:
    chunky_png (1.3.7)
    rqrcode (0.10.1)
      chunky_png (~> 1.0)
    rqrcode_png (0.1.5)
      chunky_png
      rqrcode

PLATFORMS
  ruby

DEPENDENCIES
  rqrcode_png

BUNDLED WITH
   1.13.5
